ObjectType = Image
NDims = 3
BinaryData = True
BinaryDataByteOrderMSB = False
CompressedData = False
TransformMatrix = 1 0 0 0 1 0 0 0 1
Offset = 0 0 0
CenterOfRotation = 0 0 0
AnatomicalOrientation = RAI
ElementSpacing = 0.653595 0.653595 4
DimSize = 512 512 29
ElementType = MET_DOUBLE
ElementDataFile = mr_optimal_transformed.raw
